PATH
  remote: .
  specs:
    cb2 (0.0.4)
      redis (>= 3.1)

GEM
  remote: http://rubygems.org/
  specs:
    connection_pool (2.3.0)
    diff-lcs (1.2.5)
    minitest (5.13.0)
    rake (12.3.3)
    redis (5.0.5)
      redis-client (>= 0.9.0)
    redis-client (0.11.2)
      connection_pool
    rr (1.1.2)
    rspec (3.1.0)
      rspec-core (~> 3.1.0)
      rspec-expectations (~> 3.1.0)
      rspec-mocks (~> 3.1.0)
    rspec-core (3.1.7)
      rspec-support (~> 3.1.0)
    rspec-expectations (3.1.2)
      diff-lcs (>= 1.2.0, < 2.0)
      rspec-support (~> 3.1.0)
    rspec-mocks (3.1.3)
      rspec-support (~> 3.1.0)
    rspec-support (3.1.2)
    timecop (0.7.1)

PLATFORMS
  ruby

DEPENDENCIES
  cb2!
  minitest (~> 5.13.0)
  rake (> 0)
  rr (~> 1.1)
  rspec (~> 3.1)
  timecop (~> 0.7)

BUNDLED WITH
   1.17.3
